PATH
  remote: .
  specs:
    cocoapods-dependency (0.1.1)
      cocoapods (~> 1.5)

GEM
  remote: https://rubygems.org/
  specs:
    CFPropertyList (3.0.0)
    activesupport (4.2.10)
      i18n (~> 0.7)
      minitest (~> 5.1)
      thread_safe (~> 0.3, >= 0.3.4)
      tzinfo (~> 1.1)
    atomos (0.1.3)
    claide (1.0.2)
    cocoapods (1.5.3)
      activesupport (>= 4.0.2, < 5)
      claide (>= 1.0.2, < 2.0)
      cocoapods-core (= 1.5.3)
      cocoapods-deintegrate (>= 1.0.2, < 2.0)
      cocoapods-downloader (>= 1.2.0, < 2.0)
      cocoapods-plugins (>= 1.0.0, < 2.0)
      cocoapods-search (>= 1.0.0, < 2.0)
      cocoapods-stats (>= 1.0.0, < 2.0)
      cocoapods-trunk (>= 1.3.0, < 2.0)
      cocoapods-try (>= 1.1.0, < 2.0)
      colored2 (~> 3.1)
      escape (~> 0.0.4)
      fourflusher (~> 2.0.1)
      gh_inspector (~> 1.0)
      molinillo (~> 0.6.5)
      nap (~> 1.0)
      ruby-macho (~> 1.1)
      xcodeproj (>= 1.5.7, < 2.0)
    cocoapods-core (1.5.3)
      activesupport (>= 4.0.2, < 6)
      fuzzy_match (~> 2.0.4)
      nap (~> 1.0)
    cocoapods-deintegrate (1.0.2)
    cocoapods-downloader (1.2.2)
    cocoapods-plugins (1.0.0)
      nap
    cocoapods-search (1.0.0)
    cocoapods-stats (1.0.0)
    cocoapods-trunk (1.3.1)
      nap (>= 0.8, < 2.0)
      netrc (~> 0.11)
    cocoapods-try (1.1.0)
    colored2 (3.1.2)
    concurrent-ruby (1.0.5)
    coveralls (0.8.22)
      json (>= 1.8, < 3)
      simplecov (~> 0.16.1)
      term-ansicolor (~> 1.3)
      thor (~> 0.19.4)
      tins (~> 1.6)
    diff-lcs (1.3)
    docile (1.3.1)
    escape (0.0.4)
    fourflusher (2.0.1)
    fuzzy_match (2.0.4)
    gh_inspector (1.1.3)
    i18n (0.9.5)
      concurrent-ruby (~> 1.0)
    json (2.1.0)
    minitest (5.11.3)
    molinillo (0.6.6)
    nanaimo (0.2.6)
    nap (1.1.0)
    netrc (0.11.0)
    rake (10.5.0)
    rspec (3.7.0)
      rspec-core (~> 3.7.0)
      rspec-expectations (~> 3.7.0)
      rspec-mocks (~> 3.7.0)
    rspec-core (3.7.1)
      rspec-support (~> 3.7.0)
    rspec-expectations (3.7.0)
      diff-lcs (>= 1.2.0, < 2.0)
      rspec-support (~> 3.7.0)
    rspec-mocks (3.7.0)
      diff-lcs (>= 1.2.0, < 2.0)
      rspec-support (~> 3.7.0)
    rspec-support (3.7.1)
    ruby-macho (1.3.1)
    simplecov (0.16.1)
      docile (~> 1.1)
      json (>= 1.8, < 3)
      simplecov-html (~> 0.10.0)
    simplecov-html (0.10.2)
    term-ansicolor (1.6.0)
      tins (~> 1.0)
    thor (0.19.4)
    thread_safe (0.3.6)
    tins (1.16.3)
    tzinfo (1.2.5)
      thread_safe (~> 0.1)
    xcodeproj (1.7.0)
      CFPropertyList (>= 2.3.3, < 4.0)
      atomos (~> 0.1.3)
      claide (>= 1.0.2, < 2.0)
      colored2 (~> 3.1)
      nanaimo (~> 0.2.6)

PLATFORMS
  ruby

DEPENDENCIES
  bundler (~> 1.16)
  cocoapods-dependency!
  coveralls (~> 0)
  rake (~> 10.0)
  rspec (~> 3.0)

BUNDLED WITH
   1.16.4
